GEM
  remote: https://rubygems.org/
  specs:
    activesupport (4.2.7.1)
      i18n (~> 0.7)
      json (~> 1.7, >= 1.7.7)
      minitest (~> 5.1)
      thread_safe (~> 0.3, >= 0.3.4)
      tzinfo (~> 1.1)
    aws-sdk (2.6.36)
      aws-sdk-resources (= 2.6.36)
    aws-sdk-core (2.6.36)
      aws-sigv4 (~> 1.0)
      jmespath (~> 1.0)
    aws-sdk-resources (2.6.36)
      aws-sdk-core (= 2.6.36)
    aws-sigv4 (1.0.0)
    aws_config (0.0.4)
    awsecrets (1.5.0)
      aws-sdk (>= 2.2, < 2.7)
      aws_config (= 0.0.4)
    awspec (0.61.0)
      activesupport (~> 4.0)
      aws-sdk (>= 2.2, < 2.7)
      awsecrets (~> 1.5.0)
      rspec (~> 3.0)
      rspec-its
      term-ansicolor
      thor
    diff-lcs (1.2.5)
    gpgme (2.0.12)
      mini_portile2 (~> 2.1.0)
    hiera (3.3.1)
    hiera-eyaml (2.1.0)
      highline (~> 1.6.19)
      trollop (~> 2.0)
    hiera-eyaml-gpg (0.6)
      hiera-eyaml (>= 1.3.8)
    highline (1.6.21)
    i18n (0.7.0)
    jmespath (1.3.1)
    json (1.8.3)
    mini_portile2 (2.1.0)
    minitest (5.10.1)
    rake (10.5.0)
    rspec (3.5.0)
      rspec-core (~> 3.5.0)
      rspec-expectations (~> 3.5.0)
      rspec-mocks (~> 3.5.0)
    rspec-core (3.5.4)
      rspec-support (~> 3.5.0)
    rspec-expectations (3.5.0)
      diff-lcs (>= 1.2.0, < 2.0)
      rspec-support (~> 3.5.0)
    rspec-its (1.2.0)
      rspec-core (>= 3.0.0)
      rspec-expectations (>= 3.0.0)
    rspec-mocks (3.5.0)
      diff-lcs (>= 1.2.0, < 2.0)
      rspec-support (~> 3.5.0)
    rspec-support (3.5.0)
    term-ansicolor (1.4.0)
      tins (~> 1.0)
    thor (0.19.4)
    thread_safe (0.3.5)
    tins (1.13.0)
    trollop (2.1.2)
    tzinfo (1.2.2)
      thread_safe (~> 0.1)

PLATFORMS
  ruby

DEPENDENCIES
  awspec (~> 0.34)
  gpgme
  hiera
  hiera-eyaml
  hiera-eyaml-gpg
  rake (~> 10.5)
